GIT
  remote: https://github.com/globalize/globalize.git
  revision: 4702dc861ca662c50331fc8734cc6f682c0508db
  specs:
    globalize (5.2.0)
      activemodel (>= 4.2, < 5.3)
      activerecord (>= 4.2, < 5.3)
      request_store (~> 1.0)

GIT
  remote: https://github.com/spree-contrib/spree_digital.git
  revision: 5ec03ce845c6bd1af2a434c750324a576cba2d31
  specs:
    spree_digital (3.3.0)
      spree_api (>= 3.1.0, < 4.0)
      spree_backend (>= 3.1.0, < 4.0)
      spree_core (>= 3.1.0, < 4.0)
      spree_extension
      spree_frontend (>= 3.1.0, < 4.0)

GIT
  remote: https://github.com/spree-contrib/spree_editor.git
  revision: f1d217620a1287899b545accbd80700c8bc056b1
  specs:
    spree_editor (3.3.2)
      ckeditor (~> 4.2.0)
      spree_backend (>= 3.1.0, < 4.0)
      spree_core (>= 3.1.0, < 4.0)
      spree_extension
      tinymce-rails (~> 4.2.5)

GIT
  remote: https://github.com/spree-contrib/spree_globalize.git
  revision: 3bc3a6f877c042d88015809ed1720443601c83a9
  branch: master
  specs:
    spree_globalize (3.3.1)
      friendly_id-globalize
      globalize
      i18n_data
      kaminari-i18n
      rails
      rails-i18n
      routing-filter
      spree_core (>= 3.1.0, < 4.0)
      spree_extension
      spree_i18n

GIT
  remote: https://github.com/spree-contrib/spree_i18n.git
  revision: 56d8f7087a5d661dc0e02576e528730c10fa8ad0
  specs:
    spree_i18n (3.3.2)
      i18n_data
      kaminari-i18n
      rails-i18n
      routing-filter
      spree_core (>= 3.1.0, < 4.0)
      spree_extension

GIT
  remote: https://github.com/spree-contrib/spree_recently_viewed.git
  revision: 8c4bb4006bdeda554e77e4c2760498d3b01735fc
  specs:
    spree_recently_viewed (3.3.0)
      spree_core (>= 3.1.0, < 4.0)

GIT
  remote: https://github.com/spree-contrib/spree_static_content.git
  revision: 3f6fdbfbdfbc449958707398d19dcd4aa0fdf037
  specs:
    spree_static_content (3.3.2)
      spree_core (>= 3.1.0, < 4.0)
      spree_extension

GIT
  remote: https://github.com/vinsol-spree-contrib/spree-quotes-management.git
  revision: f1736f976c5b1a4403e3fe9ae6a15b7eb681a6dc
  branch: master
  specs:
    spree_quotes_management (3.3.0)
      spree_core (>= 3.2.0, < 4.0)
      spree_extension
      state_machines-activerecord (~> 0.5.0)

GEM
  remote: https://rubygems.org/
  specs:
    actioncable (5.2.1)
      actionpack (= 5.2.1)
      nio4r (~> 2.0)
      websocket-driver (>= 0.6.1)
    actionmailer (5.2.1)
      actionpack (= 5.2.1)
      actionview (= 5.2.1)
      activejob (= 5.2.1)
      mail (~> 2.5, >= 2.5.4)
      rails-dom-testing (~> 2.0)
    actionpack (5.2.1)
      actionview (= 5.2.1)
      activesupport (= 5.2.1)
      rack (~> 2.0)
      rack-test (>= 0.6.3)
      rails-dom-testing (~> 2.0)
      rails-html-sanitizer (~> 1.0, >= 1.0.2)
    actionview (5.2.1)
      activesupport (= 5.2.1)
      builder (~> 3.1)
      erubi (~> 1.4)
      rails-dom-testing (~> 2.0)
      rails-html-sanitizer (~> 1.0, >= 1.0.3)
    activejob (5.2.1)
      activesupport (= 5.2.1)
      globalid (>= 0.3.6)
    activemerchant (1.86.0)
      activesupport (>= 4.2, < 6.x)
      builder (>= 2.1.2, < 4.0.0)
      i18n (>= 0.6.9)
      nokogiri (~> 1.4)
    activemodel (5.2.1)
      activesupport (= 5.2.1)
    activerecord (5.2.1)
      activemodel (= 5.2.1)
      activesupport (= 5.2.1)
      arel (>= 9.0)
    activestorage (5.2.1)
      actionpack (= 5.2.1)
      activerecord (= 5.2.1)
      marcel (~> 0.3.1)
    activesupport (5.2.1)
      concurrent-ruby (~> 1.0, >= 1.0.2)
      i18n (>= 0.7, < 2)
      minitest (~> 5.1)
      tzinfo (~> 1.1)
    acts-as-taggable-on (6.0.0)
      activerecord (~> 5.0)
    acts_as_list (0.9.17)
      activerecord (>= 3.0)
    addressable (2.5.2)
      public_suffix (>= 2.0.2, < 4.0)
    appengine (0.4.6)
      google-cloud-env (~> 1.0)
      stackdriver (~> 0.15)
    archive-zip (0.11.0)
      io-like (~> 0.3.0)
    arel (9.0.0)
    autoprefixer-rails (9.3.1)
      execjs
    awesome_nested_set (3.1.4)
      activerecord (>= 4.0.0, < 5.3)
    aws-eventstream (1.0.1)
    aws-partitions (1.115.0)
    aws-sdk-core (3.39.0)
      aws-eventstream (~> 1.0)
      aws-partitions (~> 1.0)
      aws-sigv4 (~> 1.0)
      jmespath (~> 1.0)
    aws-sdk-kms (1.12.0)
      aws-sdk-core (~> 3, >= 3.39.0)
      aws-sigv4 (~> 1.0)
    aws-sdk-s3 (1.25.0)
      aws-sdk-core (~> 3, >= 3.39.0)
      aws-sdk-kms (~> 1)
      aws-sigv4 (~> 1.0)
    aws-sigv4 (1.0.3)
    bcrypt (3.1.12-x64-mingw32)
    bindex (0.5.0)
    binding_of_caller (0.8.0)
      debug_inspector (>= 0.0.1)
    bootsnap (1.3.2)
      msgpack (~> 1.0)
    bootstrap-sass (3.3.7)
      autoprefixer-rails (>= 5.2.1)
      sass (>= 3.3.4)
    builder (3.2.3)
    byebug (10.0.2)
    camertron-eprun (1.1.1)
    cancancan (2.3.0)
    canonical-rails (0.2.4)
      rails (>= 4.1, < 5.3)
    capybara (3.11.1)
      addressable
      mini_mime (>= 0.1.3)
      nokogiri (~> 1.8)
      rack (>= 1.6.0)
      rack-test (>= 0.6.3)
      regexp_parser (~> 1.2)
      xpath (~> 3.2)
    carmen (1.0.2)
      activesupport (>= 3.0.0)
    childprocess (0.9.0)
      ffi (~> 1.0, >= 1.0.11)
    chromedriver-helper (2.1.0)
      archive-zip (~> 0.10)
      nokogiri (~> 1.8)
    ckeditor (4.2.4)
      cocaine
      orm_adapter (~> 0.5.0)
    cldr-plurals-runtime-rb (1.0.1)
    climate_control (0.2.0)
    cocaine (0.6.0)
      terrapin (= 0.6.0)
    coffee-rails (4.2.2)
      coffee-script (>= 2.2.0)
      railties (>= 4.0.0)
    coffee-script (2.4.1)
      coffee-script-source
      execjs
    coffee-script-source (1.12.2)
    concurrent-ruby (1.1.3)
    crass (1.0.4)
    css_parser (1.6.0)
      addressable
    debug_inspector (0.0.3)
    deface (1.3.2)
      nokogiri (>= 1.6)
      polyglot
      rails (>= 4.1)
      rainbow (>= 2.1.0)
    devise (4.4.3)
      bcrypt (~> 3.0)
      orm_adapter (~> 0.1)
      railties (>= 4.1.0, < 6.0)
      responders
      warden (~> 1.2.3)
    devise-encryptable (0.2.0)
      devise (>= 2.1.0)
    duktape (2.0.1.0)
    erubi (1.7.1)
    execjs (2.7.0)
    faraday (0.15.4)
      multipart-post (>= 1.2, < 3)
    ffaker (2.10.0)
    ffi (1.9.25-x64-mingw32)
    friendly_id (5.2.4)
      activerecord (>= 4.0.0)
    friendly_id-globalize (1.0.0.alpha3)
      friendly_id (>= 5.2.0, < 6.0)
    globalid (0.4.1)
      activesupport (>= 4.2.0)
    google-cloud-core (1.2.7)
      google-cloud-env (~> 1.0)
    google-cloud-debugger (0.32.6)
      binding_of_caller (~> 0.7)
      google-cloud-core (~> 1.2)
      google-cloud-logging (~> 1.0)
      google-gax (~> 1.0)
      stackdriver-core (~> 1.3)
    google-cloud-env (1.0.5)
      faraday (~> 0.11)
    google-cloud-error_reporting (0.30.5)
      google-cloud-core (~> 1.2)
      google-gax (~> 1.0)
      stackdriver-core (~> 1.3)
    google-cloud-logging (1.5.7)
      concurrent-ruby (~> 1.0)
      google-cloud-core (~> 1.2)
      google-gax (~> 1.3)
      googleapis-common-protos-types (>= 1.0.2)
      stackdriver-core (~> 1.3)
    google-cloud-trace (0.33.6)
      google-cloud-core (~> 1.2)
      google-gax (~> 1.3)
      stackdriver-core (~> 1.3)
    google-gax (1.5.0)
      google-protobuf (~> 3.2)
      googleapis-common-protos (>= 1.3.5, < 2.0)
      googleauth (>= 0.6.2, < 0.10.0)
      grpc (>= 1.7.2, < 2.0)
      rly (~> 0.2.3)
    google-protobuf (3.6.1-x64-mingw32)
    googleapis-common-protos (1.3.7)
      google-protobuf (~> 3.0)
      googleapis-common-protos-types (~> 1.0)
      grpc (~> 1.0)
    googleapis-common-protos-types (1.0.2)
      google-protobuf (~> 3.0)
    googleauth (0.8.0)
      faraday (~> 0.12)
      jwt (>= 1.4, < 3.0)
      memoist (~> 0.16)
      multi_json (~> 1.11)
      os (>= 0.9, < 2.0)
      signet (~> 0.7)
    grpc (1.18.0-x64-mingw32)
      google-protobuf (~> 3.1)
      googleapis-common-protos-types (~> 1.0.0)
    highline (1.6.21)
    htmlentities (4.3.4)
    i18n (1.1.1)
      concurrent-ruby (~> 1.0)
    i18n_data (0.8.0)
    io-like (0.3.0)
    jbuilder (2.8.0)
      activesupport (>= 4.2.0)
      multi_json (>= 1.2)
    jmespath (1.4.0)
    jquery-rails (4.3.3)
      rails-dom-testing (>= 1, < 3)
      railties (>= 4.2.0)
      thor (>= 0.14, < 2.0)
    jquery-ui-rails (6.0.1)
      railties (>= 3.2.16)
    jwt (2.1.0)
    kaminari (1.0.1)
      activesupport (>= 4.1.0)
      kaminari-actionview (= 1.0.1)
      kaminari-activerecord (= 1.0.1)
      kaminari-core (= 1.0.1)
    kaminari-actionview (1.0.1)
      actionview
      kaminari-core (= 1.0.1)
    kaminari-activerecord (1.0.1)
      activerecord
      kaminari-core (= 1.0.1)
    kaminari-core (1.0.1)
    kaminari-i18n (0.5.0)
      kaminari
      rails
    listen (3.1.5)
      rb-fsevent (~> 0.9, >= 0.9.4)
      rb-inotify (~> 0.9, >= 0.9.7)
      ruby_dep (~> 1.2)
    loofah (2.2.3)
      crass (~> 1.0.2)
      nokogiri (>= 1.5.9)
    mail (2.7.1)
      mini_mime (>= 0.1.1)
    marcel (0.3.3)
      mimemagic (~> 0.3.2)
    memoist (0.16.0)
    method_source (0.9.2)
    mime-types (3.2.2)
      mime-types-data (~> 3.2015)
    mime-types-data (3.2018.0812)
    mimemagic (0.3.2)
    mini_magick (4.8.0)
    mini_mime (1.0.1)
    mini_portile2 (2.3.0)
    minitest (5.11.3)
    monetize (1.9.0)
      money (~> 6.12)
    money (6.13.1)
      i18n (>= 0.6.4, <= 2)
    msgpack (1.2.4-x64-mingw32)
    multi_json (1.13.1)
    multipart-post (2.0.0)
    nio4r (2.3.1)
    nokogiri (1.8.5-x64-mingw32)
      mini_portile2 (~> 2.3.0)
    orm_adapter (0.5.0)
    os (1.0.0)
    paperclip (6.0.0)
      activemodel (>= 4.2.0)
      activesupport (>= 4.2.0)
      mime-types
      mimemagic (~> 0.3.0)
      terrapin (~> 0.6.0)
    paranoia (2.4.1)
      activerecord (>= 4.0, < 5.3)
    pg (1.1.3-x64-mingw32)
    polyglot (0.3.5)
    premailer (1.11.1)
      addressable
      css_parser (>= 1.6.0)
      htmlentities (>= 4.0.0)
    premailer-rails (1.10.2)
      actionmailer (>= 3, < 6)
      premailer (~> 1.7, >= 1.7.9)
    public_suffix (3.0.3)
    puma (3.12.0)
    rabl (0.13.1)
      activesupport (>= 2.3.14)
    rack (2.0.6)
    rack-test (1.1.0)
      rack (>= 1.0, < 3)
    rails (5.2.1)
      actioncable (= 5.2.1)
      actionmailer (= 5.2.1)
      actionpack (= 5.2.1)
      actionview (= 5.2.1)
      activejob (= 5.2.1)
      activemodel (= 5.2.1)
      activerecord (= 5.2.1)
      activestorage (= 5.2.1)
      activesupport (= 5.2.1)
      bundler (>= 1.3.0)
      railties (= 5.2.1)
      sprockets-rails (>= 2.0.0)
    rails-dom-testing (2.0.3)
      activesupport (>= 4.2.0)
      nokogiri (>= 1.6)
    rails-html-sanitizer (1.0.4)
      loofah (~> 2.2, >= 2.2.2)
    rails-i18n (5.1.2)
      i18n (>= 0.7, < 2)
      railties (>= 5.0, < 6)
    railties (5.2.1)
      actionpack (= 5.2.1)
      activesupport (= 5.2.1)
      method_source
      rake (>= 0.8.7)
      thor (>= 0.19.0, < 2.0)
    rainbow (3.0.0)
    rake (12.3.1)
    ransack (2.0.1)
      actionpack (>= 5.0)
      activerecord (>= 5.0)
      activesupport (>= 5.0)
      i18n
    rb-fsevent (0.10.3)
    rb-inotify (0.9.10)
      ffi (>= 0.5.0, < 2)
    regexp_parser (1.3.0)
    request_store (1.4.1)
      rack (>= 1.4)
    responders (2.4.0)
      actionpack (>= 4.2.0, < 5.3)
      railties (>= 4.2.0, < 5.3)
    rly (0.2.3)
    routing-filter (0.6.2)
      actionpack (>= 4.2, < 6)
      activesupport (>= 4.2, < 6)
    ruby_dep (1.5.0)
    rubyzip (1.2.2)
    sass (3.7.2)
      sass-listen (~> 4.0.0)
    sass-listen (4.0.0)
      rb-fsevent (~> 0.9, >= 0.9.4)
      rb-inotify (~> 0.9, >= 0.9.7)
    sass-rails (5.0.7)
      railties (>= 4.0.0, < 6)
      sass (~> 3.1)
      sprockets (>= 2.8, < 4.0)
      sprockets-rails (>= 2.0, < 4.0)
      tilt (>= 1.1, < 3)
    select2-rails (3.5.9.1)
      thor (~> 0.14)
    selenium-webdriver (3.141.0)
      childprocess (~> 0.5)
      rubyzip (~> 1.2, >= 1.2.2)
    signet (0.11.0)
      addressable (~> 2.3)
      faraday (~> 0.9)
      jwt (>= 1.5, < 3.0)
      multi_json (~> 1.10)
    spree (3.6.5)
      spree_api (= 3.6.5)
      spree_backend (= 3.6.5)
      spree_cmd (= 3.6.5)
      spree_core (= 3.6.5)
      spree_frontend (= 3.6.5)
      spree_sample (= 3.6.5)
    spree_api (3.6.5)
      rabl (~> 0.13.1)
      spree_core (= 3.6.5)
      versioncake (~> 3.4.0)
    spree_auth_devise (3.4.2)
      devise (~> 4.4.0)
      devise-encryptable (= 0.2.0)
      spree_core (>= 3.1.0, < 4.0)
      spree_extension
    spree_backend (3.6.5)
      bootstrap-sass (~> 3.3)
      jquery-rails (~> 4.3)
      jquery-ui-rails (~> 6.0.1)
      select2-rails (= 3.5.9.1)
      spree_api (= 3.6.5)
      spree_core (= 3.6.5)
    spree_cmd (3.6.5)
      thor (~> 0.14)
    spree_core (3.6.5)
      activemerchant (~> 1.67)
      acts-as-taggable-on (~> 6.0)
      acts_as_list (~> 0.8)
      awesome_nested_set (~> 3.1.3)
      cancancan (~> 2.0)
      carmen (~> 1.0.0)
      deface (~> 1.0)
      ffaker (~> 2.2)
      friendly_id (~> 5.2.1)
      highline (~> 1.6.18)
      kaminari (~> 1.0.1)
      mini_magick (~> 4.8.0)
      monetize (~> 1.9)
      money (~> 6.13)
      paperclip (~> 6.0.0)
      paranoia (~> 2.4.1)
      premailer-rails
      rails (~> 5.2.0)
      ransack (~> 2.0.1)
      responders
      sprockets-rails
      state_machines-activerecord (~> 0.5)
      stringex
      twitter_cldr (~> 4.3)
    spree_extension (0.0.5)
      activerecord (>= 4.2)
    spree_frontend (3.6.5)
      bootstrap-sass (>= 3.3.5.1, < 3.4)
      canonical-rails (~> 0.2.3)
      jquery-rails (~> 4.3)
      spree_api (= 3.6.5)
      spree_core (= 3.6.5)
    spree_gateway (3.3.3)
      spree_core (>= 3.1.0, < 4.0)
      spree_extension
    spree_sample (3.6.5)
      spree_core (= 3.6.5)
    spring (1.7.2)
    spring-watcher-listen (2.0.1)
      listen (>= 2.7, < 4.0)
      spring (>= 1.2, < 3.0)
    sprockets (3.7.2)
      concurrent-ruby (~> 1.0)
      rack (> 1, < 3)
    sprockets-rails (3.2.1)
      actionpack (>= 4.0)
      activesupport (>= 4.0)
      sprockets (>= 3.0.0)
    stackdriver (0.15.3)
      google-cloud-debugger (~> 0.32)
      google-cloud-error_reporting (~> 0.30)
      google-cloud-logging (~> 1.5)
      google-cloud-trace (~> 0.33)
    stackdriver-core (1.3.3)
      google-cloud-core (~> 1.2)
    state_machines (0.5.0)
    state_machines-activemodel (0.5.1)
      activemodel (>= 4.1, < 6.0)
      state_machines (>= 0.5.0)
    state_machines-activerecord (0.5.2)
      activerecord (>= 4.1, < 6.0)
      state_machines-activemodel (>= 0.5.0)
    stringex (2.8.5)
    terrapin (0.6.0)
      climate_control (>= 0.0.3, < 1.0)
    thor (0.20.3)
    thread_safe (0.3.6)
    tilt (2.0.8)
    tinymce-rails (4.2.8)
      railties (>= 3.1.1)
    turbolinks (5.2.0)
      turbolinks-source (~> 5.2)
    turbolinks-source (5.2.0)
    twitter_cldr (4.4.3)
      camertron-eprun
      cldr-plurals-runtime-rb (~> 1.0)
      tzinfo
    tzinfo (1.2.5)
      thread_safe (~> 0.1)
    tzinfo-data (1.2018.7)
      tzinfo (>= 1.0.0)
    uglifier (4.1.20)
      execjs (>= 0.3.0, < 3)
    versioncake (3.4.0)
      actionpack (>= 3.2)
      activesupport (>= 3.2)
      railties (>= 3.2)
      tzinfo
    warden (1.2.8)
      rack (>= 2.0.6)
    web-console (3.7.0)
      actionview (>= 5.0)
      activemodel (>= 5.0)
      bindex (>= 0.4.0)
      railties (>= 5.0)
    websocket-driver (0.7.0)
      websocket-extensions (>= 0.1.0)
    websocket-extensions (0.1.3)
    xpath (3.2.0)
      nokogiri (~> 1.8)

PLATFORMS
  x64-mingw32

DEPENDENCIES
  appengine (~> 0.4.1)
  aws-sdk-s3
  bootsnap (>= 1.1.0)
  byebug
  capybara (>= 2.15)
  chromedriver-helper
  coffee-rails (~> 4.2)
  duktape
  globalize!
  jbuilder (~> 2.5)
  listen (~> 3.1, >= 3.1.5)
  mini_magick (~> 4.8)
  pg (>= 0.18, < 2.0)
  puma (~> 3.11)
  rails (~> 5.2.1)
  sass-rails (~> 5.0)
  selenium-webdriver
  spree (~> 3.6)
  spree_auth_devise (~> 3.3)
  spree_digital!
  spree_editor!
  spree_gateway (~> 3.3)
  spree_globalize!
  spree_i18n!
  spree_quotes_management!
  spree_recently_viewed!
  spree_static_content!
  spring (~> 1.7, >= 1.7.2)
  spring-watcher-listen (~> 2.0, >= 2.0.1)
  turbolinks (~> 5)
  tzinfo-data
  uglifier (>= 1.3.0)
  web-console (>= 3.3.0)

RUBY VERSION
   ruby 2.5.1p57

BUNDLED WITH
   1.17.1
